GEM
  remote: http://rubygems.org/
  specs:
    addressable (2.2.6)
    amatch (0.2.6)
      spruz (~> 0.2)
    crack (0.1.8)
    diff-lcs (1.1.2)
    json (1.5.1)
    rack (1.2.2)
    rack-test (0.6.0)
      rack (>= 1.0)
    rspec (2.6.0)
      rspec-core (~> 2.6.0)
      rspec-expectations (~> 2.6.0)
      rspec-mocks (~> 2.6.0)
    rspec-core (2.6.4)
    rspec-expectations (2.6.0)
      diff-lcs (~> 1.1.2)
    rspec-mocks (2.6.0)
    sinatra (1.2.6)
      rack (~> 1.1)
      tilt (>= 1.2.2, < 2.0)
    spruz (0.2.11)
    tilt (1.2.2)
    webmock (1.6.4)
      addressable (~> 2.2, > 2.2.5)
      crack (>= 0.1.7)

PLATFORMS
  ruby

DEPENDENCIES
  amatch
  json
  rack-test
  rspec
  sinatra
  webmock
